RESTRICTION: == net461
NUGET
  remote: https://www.nuget.org/api/v2
    FSharp.Core (4.2.3)
    Giraffe (0.1.0-beta-100)
      FSharp.Core (>= 4.2.3)
      Microsoft.AspNetCore.Authentication (>= 2.0)
      Microsoft.AspNetCore.Diagnostics (>= 2.0)
      Microsoft.AspNetCore.Hosting.Abstractions (>= 2.0)
      Newtonsoft.Json (>= 10.0.3)
      System.Text.RegularExpressions (>= 4.3)
      System.ValueTuple (>= 4.4)
      System.Xml.XmlSerializer (>= 4.3)
    Giraffe.Razor (0.1.0-beta-100)
      FSharp.Core (>= 4.2.3)
      Giraffe (>= 0.1.0-beta-100)
      Microsoft.AspNetCore.Mvc (>= 2.0)
      Microsoft.Extensions.DependencyInjection (>= 2.0)
      Microsoft.Extensions.FileProviders.Physical (>= 2.0)
      Microsoft.Extensions.Primitives (>= 2.0)
      System.ValueTuple (>= 4.4)
    Microsoft.AspNetCore.Authentication (2.0)
    Microsoft.AspNetCore.Authentication.Cookies (2.0)
    Microsoft.AspNetCore.Diagnostics (2.0)
    Microsoft.AspNetCore.Hosting (2.0)
    Microsoft.AspNetCore.Hosting.Abstractions (2.0)
    Microsoft.AspNetCore.Hosting.WindowsServices (2.0)
      Microsoft.AspNetCore.Hosting (>= 2.0)
    Microsoft.AspNetCore.Mvc (2.0)
    Microsoft.AspNetCore.Server.IISIntegration (2.0)
    Microsoft.AspNetCore.Server.Kestrel (2.0)
    Microsoft.AspNetCore.StaticFiles (2.0)
    Microsoft.DotNet.Watcher.Tools (2.0) - clitool: true
    Microsoft.Extensions.DependencyInjection (2.0)
    Microsoft.Extensions.FileProviders.Physical (2.0)
    Microsoft.Extensions.Logging.Console (2.0)
    Microsoft.Extensions.Logging.Debug (2.0)
    Microsoft.Extensions.Primitives (2.0)
    Newtonsoft.Json (10.0.3)
    System.Text.RegularExpressions (4.3)
    System.ValueTuple (4.4)
    System.Xml.XmlSerializer (4.3)
